PATH
  remote: .
  specs:
    filequeue (0.0.2)

GEM
  remote: https://rubygems.org/
  specs:
    diff-lcs (1.2.5)
    filelock (1.1.1)
    rake (10.4.2)
    rspec (3.4.0)
      rspec-core (~> 3.4.0)
      rspec-expectations (~> 3.4.0)
      rspec-mocks (~> 3.4.0)
    rspec-core (3.4.1)
      rspec-support (~> 3.4.0)
    rspec-expectations (3.4.0)
      diff-lcs (>= 1.2.0, < 2.0)
      rspec-support (~> 3.4.0)
    rspec-mocks (3.4.0)
      diff-lcs (>= 1.2.0, < 2.0)
      rspec-support (~> 3.4.0)
    rspec-support (3.4.1)

PLATFORMS
  ruby

DEPENDENCIES
  filelock
  filequeue!
  rake
  rspec (~> 3.3)

BUNDLED WITH
   1.16.1
